GEM
  remote: https://rubygems.org/
  specs:
    chunky_png (1.4.0)
    coderay (1.1.3)
    method_source (1.0.0)
    pry (0.14.1)
      coderay (~> 1.1)
      method_source (~> 1.0)
    theseus (1.1.0)
      chunky_png (~> 1.3)

PLATFORMS
  x86_64-linux

DEPENDENCIES
  pry (~> 0.14.1)
  theseus (~> 1.1)

BUNDLED WITH
   2.2.8
